GEM
  remote: https://rubygems.org/
  specs:
    ProMotion (0.6.5)
    rake (10.1.1)

PLATFORMS
  ruby

DEPENDENCIES
  ProMotion (~> 0.6.4)
  rake
